GEM
  remote: http://rubygems.org/
  specs:
    addressable (2.2.8)
    data_objects (0.10.12)
      addressable (~> 2.1)
    dm-core (1.2.0)
      addressable (~> 2.2.6)
    dm-do-adapter (1.2.0)
      data_objects (~> 0.10.6)
      dm-core (~> 1.2.0)
    dm-migrations (1.2.0)
      dm-core (~> 1.2.0)
    dm-postgres-adapter (1.2.0)
      dm-do-adapter (~> 1.2.0)
      do_postgres (~> 0.10.6)
    dm-timestamps (1.2.0)
      dm-core (~> 1.2.0)
    do_postgres (0.10.12)
      data_objects (= 0.10.12)
    haml (3.0.16)
    mustache (0.11.2)
    nokogiri (1.4.3.1)
    oniguruma (1.1.0)
    plist (3.1.0)
    rack (1.2.8)
    rake (0.8.7)
    rdiscount (1.6.5)
    rocco (0.4)
      mustache
      rdiscount
    rspec (1.3.0)
    ruby2ruby (1.2.4)
      ruby_parser (~> 2.0)
      sexp_processor (~> 3.0)
    ruby_parser (2.0.4)
      sexp_processor (~> 3.0)
    sexp_processor (3.0.4)
    sinatra (1.0)
      rack (>= 1.0)
    textpow (0.10.1)
      oniguruma (>= 1.1.0)
      plist (>= 3.0.0)
    ultraviolet (0.10.2)
      textpow (>= 0.10.0)

PLATFORMS
  ruby

DEPENDENCIES
  dm-migrations
  dm-postgres-adapter
  dm-timestamps
  haml
  mustache
  nokogiri
  rake
  rocco
  rspec
  ruby2ruby
  sinatra
  ultraviolet
